PATH
  remote: .
  specs:
    brownpapertickets (0.0.5)
      hpricot (>= 0.8.3)
      httparty (>= 0.6.1)

GEM
  remote: http://rubygems.org/
  specs:
    crack (0.1.8)
    diff-lcs (1.1.2)
    fakeweb (1.2.8)
    hpricot (0.8.3)
    httparty (0.7.4)
      crack (= 0.1.8)
    rspec (2.5.0)
      rspec-core (~> 2.5.0)
      rspec-expectations (~> 2.5.0)
      rspec-mocks (~> 2.5.0)
    rspec-core (2.5.1)
    rspec-expectations (2.5.0)
      diff-lcs (~> 1.1.2)
    rspec-mocks (2.5.0)

PLATFORMS
  ruby

DEPENDENCIES
  brownpapertickets!
  fakeweb (~> 1.2.0)
  rspec (>= 2.0.0)
